GIT
  remote: git://github.com/sinatra/sinatra.git
  revision: 6f15fba2790ebdf4d1215cebf425dea2ea3130ea
  specs:
    rack-protection (2.0.5)
      rack
    sinatra (2.0.5)
      mustermann (~> 1.0)
      rack (~> 2.0)
      rack-protection (= 2.0.5)
      tilt (~> 2.0)
    sinatra-contrib (2.0.5)
      backports (>= 2.8.2)
      multi_json
      mustermann (~> 1.0)
      rack-protection (= 2.0.5)
      sinatra (= 2.0.5)
      tilt (>= 1.3, < 3)

GEM
  remote: https://rubygems.org/
  specs:
    backports (3.11.4)
    multi_json (1.13.1)
    mustermann (1.0.3)
    rack (2.0.6)
    tilt (2.0.9)

PLATFORMS
  ruby

DEPENDENCIES
  sinatra
  sinatra-contrib!

BUNDLED WITH
   1.17.3
